PATH
  remote: .
  specs:
    finitio (0.9.0)
      citrus (>= 2.4, < 4.0)

GEM
  remote: https://rubygems.org/
  specs:
    awesome_print (1.8.0)
    builder (3.2.3)
    citrus (3.0.2)
    coveralls (0.8.23)
      json (>= 1.8, < 3)
      simplecov (~> 0.16.1)
      term-ansicolor (~> 1.3)
      thor (>= 0.19.4, < 2.0)
      tins (~> 1.6)
    cucumber (1.3.20)
      builder (>= 2.1.2)
      diff-lcs (>= 1.1.3)
      gherkin (~> 2.12)
      multi_json (>= 1.7.5, < 2.0)
      multi_test (>= 0.1.2)
    diff-lcs (1.3)
    docile (1.3.1)
    gherkin (2.12.2)
      multi_json (~> 1.3)
    json (2.2.0)
    multi_json (1.13.1)
    multi_test (0.1.2)
    path (1.3.3)
    rake (10.5.0)
    rspec (3.8.0)
      rspec-core (~> 3.8.0)
      rspec-expectations (~> 3.8.0)
      rspec-mocks (~> 3.8.0)
    rspec-core (3.8.0)
      rspec-support (~> 3.8.0)
    rspec-expectations (3.8.3)
      diff-lcs (>= 1.2.0, < 2.0)
      rspec-support (~> 3.8.0)
    rspec-mocks (3.8.0)
      diff-lcs (>= 1.2.0, < 2.0)
      rspec-support (~> 3.8.0)
    rspec-support (3.8.0)
    simplecov (0.16.1)
      docile (~> 1.1)
      json (>= 1.8, < 3)
      simplecov-html (~> 0.10.0)
    simplecov-html (0.10.2)
    term-ansicolor (1.7.1)
      tins (~> 1.0)
    thor (0.20.3)
    tins (1.20.2)

PLATFORMS
  ruby
  x86_64-darwin-18

DEPENDENCIES
  awesome_print (~> 1.2)
  coveralls
  cucumber (~> 1.3)
  finitio!
  path (~> 1.3)
  rake (~> 10.0)
  rspec (~> 3.0)

BUNDLED WITH
   2.2.2
